GEM
  remote: https://rubygems.org/
  specs:
    coderay (1.1.0)
    liquid (2.6.1)
    minitest (5.3.4)
    minitest-spec-expect (1.0.0)
      minitest (~> 5.0)
    rake (10.3.2)

PLATFORMS
  ruby

DEPENDENCIES
  coderay (~> 1.1)
  liquid (~> 2.6)
  minitest-spec-expect
  rake
